PATH
  remote: .
  specs:
    evt (0.1.1)

GEM
  remote: https://rubygems.org/
  specs:
    minitest (5.14.1)
    rake (12.3.3)
    rake-compiler (1.1.1)
      rake

PLATFORMS
  ruby

DEPENDENCIES
  evt!
  minitest (~> 5.0)
  rake (~> 12.0)
  rake-compiler (~> 1.0)

BUNDLED WITH
   2.2.0.dev
